GEM
  remote: http://rubygems.org/
  specs:
    curb (0.8.3)
    daemons (1.1.9)
    eventmachine (1.0.0)
    ffi (1.1.5)
    foreman (0.61.0)
      thor (>= 0.13.6)
    guard (1.4.0)
      listen (>= 0.4.2)
      thor (>= 0.14.6)
    guard-jasmine-node (0.0.7)
      guard (>= 0.4)
    guard-shell (0.5.1)
      guard (>= 1.1.0)
    listen (0.5.2)
    multi_json (1.4.0)
    multi_xml (0.5.1)
    rack (1.4.1)
    rack-parser (0.1.2)
      multi_json
      multi_xml
      rack
    rb-inotify (0.8.8)
      ffi (>= 0.5.0)
    thin (1.5.0)
      daemons (>= 1.0.9)
      eventmachine (>= 0.12.6)
      rack (>= 1.0.0)
    thor (0.16.0)

PLATFORMS
  ruby

DEPENDENCIES
  curb
  foreman
  guard
  guard-jasmine-node
  guard-shell
  rack
  rack-parser
  rb-inotify
  thin
