GEM
  remote: https://rubygems.org/
  specs:
    curb (0.8.3)
    daemons (1.1.9)
    dotenv (0.7.0)
    eventmachine (1.0.3)
    foreman (0.63.0)
      dotenv (>= 0.7)
      thor (>= 0.13.6)
    multi_json (1.7.3)
    multi_xml (0.5.3)
    rack (1.5.2)
    rack-parser (0.2.0)
      multi_json
      multi_xml (>= 0.5.2)
      rack
    thin (1.5.1)
      daemons (>= 1.0.9)
      eventmachine (>= 0.12.6)
      rack (>= 1.0.0)
    thor (0.18.1)

PLATFORMS
  ruby

DEPENDENCIES
  curb
  foreman
  rack
  rack-parser
  thin
