GEM
  remote: http://rubygems.org/
  specs:
    ffi (1.1.5)
    guard (1.4.0)
      listen (>= 0.4.2)
      thor (>= 0.14.6)
    guard-jasmine-node (0.0.7)
      guard (>= 0.4)
    guard-shell (0.5.1)
      guard (>= 1.1.0)
    listen (0.5.2)
    rb-fsevent (0.9.2)
    rb-inotify (0.8.8)
      ffi (>= 0.5.0)
    thor (0.16.0)

PLATFORMS
  ruby

DEPENDENCIES
  guard
  guard-jasmine-node
  guard-shell
  rb-fsevent (~> 0.9.1)
  rb-inotify
